GIT
  remote: https://github.com/mes/berkshelf.git
  revision: de41eb69cf7984cedd69d3056b7e4cab127e874d
  branch: update-faraday
  specs:
    berkshelf (5.5.0)
      addressable (~> 2.3, >= 2.3.4)
      berkshelf-api-client (~> 4.0.1)
      buff-config (~> 2.0)
      buff-extensions (~> 2.0)
      buff-shell_out (~> 1.0)
      cleanroom (~> 1.0)
      httpclient (~> 2.7)
      minitar (~> 0.5, >= 0.5.4)
      mixlib-archive (~> 0.1)
      retryable (~> 2.0)
      solve (> 2.0, < 4.0)
      thor (~> 0.19, < 0.19.2)

GIT
  remote: https://github.com/mes/faraday-http-cache.git
  revision: e3bca4e3274b87ad826320339299498b44919110
  branch: update-faraday
  specs:
    faraday-http-cache (2.2.0)
      faraday (~> 1.0)

GIT
  remote: https://github.com/mes/octokit.rb.git
  revision: 03e149410a8a35d0715153e0d35736dee78ce6e9
  branch: update-faraday
  specs:
    octokit (4.20.0)
      faraday (~> 1.0)
      sawyer (~> 0.8.0, >= 0.5.3)

GIT
  remote: https://github.com/mes/ridley.git
  revision: e29b3ebb206411687c4462b5a0e6ae257776cd11
  branch: update-faraday
  specs:
    ridley (5.1.1)
      addressable
      buff-config (~> 2.0)
      buff-extensions (~> 2.0)
      buff-ignore (~> 1.2)
      buff-shell_out (~> 1.0)
      celluloid (~> 0.16.0)
      celluloid-io (~> 0.16.1)
      chef-config (>= 12.5.0)
      erubis
      faraday (~> 1.0)
      hashie (>= 2.0.2, < 4.0.0)
      httpclient (~> 2.7)
      json (>= 1.7.7)
      mixlib-authentication (>= 1.3.0)
      retryable (~> 2.0)
      semverse (~> 2.0)
      varia_model (~> 0.6)

PATH
  remote: .
  specs:
    opzworks (0.13.0.4)
      addressable (~> 2.5.0)
      aws-sdk (~> 2.7)
      chef-config (~> 12.16.42)
      cleanroom
      diffy (~> 3.1.0)
      faraday (~> 1.0.0)
      hashie (~> 3.4.6)
      httpclient (~> 2.8.2.4)
      inifile (~> 3.0.0)
      json (~> 2.1)
      minitar (>= 0.6.1)
      mixlib-archive (~> 0.2.0)
      molinillo (~> 0.5.4)
      net-ssh (~> 3.0.2)
      net-ssh-multi (~> 1.2.1)
      nio4r (~> 2)
      public_suffix (~> 2.0.4)
      rainbow (~> 2.2.1)
      sawyer (~> 0.8)
      solve (~> 3.1.1)
      thor (~> 0.19)
      trollop (~> 2.0)
      trollop-subcommands

GEM
  remote: https://rubygems.org/
  specs:
    addressable (2.5.2)
      public_suffix (>= 2.0.2, < 4.0)
    ast (2.3.0)
    awesome_print (1.7.0)
    aws-eventstream (1.1.0)
    aws-sdk (2.11.632)
      aws-sdk-resources (= 2.11.632)
    aws-sdk-core (2.11.632)
      aws-sigv4 (~> 1.0)
      jmespath (~> 1.0)
    aws-sdk-resources (2.11.632)
      aws-sdk-core (= 2.11.632)
    aws-sigv4 (1.2.2)
      aws-eventstream (~> 1, >= 1.0.2)
    berkshelf-api-client (4.0.1)
      chef (>= 12.0)
    buff-config (2.0.0)
      buff-extensions (~> 2.0)
      varia_model (~> 0.6)
    buff-extensions (2.0.0)
    buff-ignore (1.2.0)
    buff-ruby_engine (1.0.0)
    buff-shell_out (1.1.0)
      buff-ruby_engine (~> 1.0)
    builder (3.2.4)
    byebug (8.2.1)
    celluloid (0.16.0)
      timers (~> 4.0.0)
    celluloid-io (0.16.2)
      celluloid (>= 0.16.0)
      nio4r (>= 1.1.0)
    chef (12.16.42)
      addressable
      bundler (>= 1.10)
      chef-config (= 12.16.42)
      chef-zero (>= 4.8)
      diff-lcs (~> 1.2, >= 1.2.4)
      erubis (~> 2.7)
      ffi-yajl (~> 2.2)
      highline (~> 1.6, >= 1.6.9)
      iniparse (~> 1.4)
      mixlib-archive (>= 0.2.0)
      mixlib-authentication (~> 1.4)
      mixlib-cli (~> 1.7)
      mixlib-log (~> 1.3)
      mixlib-shellout (~> 2.0)
      net-sftp (~> 2.1, >= 2.1.2)
      net-ssh (>= 2.9, < 4.0)
      net-ssh-multi (~> 1.1)
      ohai (>= 8.6.0.alpha.1, < 9)
      plist (~> 3.2)
      proxifier (~> 1.0)
      rspec-core (~> 3.5)
      rspec-expectations (~> 3.5)
      rspec-mocks (~> 3.5)
      rspec_junit_formatter (~> 0.2.0)
      serverspec (~> 2.7)
      specinfra (~> 2.10)
      syslog-logger (~> 1.6)
      uuidtools (~> 2.1.5)
    chef-config (12.16.42)
      addressable
      fuzzyurl
      mixlib-config (~> 2.0)
      mixlib-shellout (~> 2.0)
    chef-zero (13.1.0)
      ffi-yajl (~> 2.2)
      hashie (>= 2.0, < 4.0)
      mixlib-log (~> 1.3)
      rack (~> 2.0)
      uuidtools (~> 2.1)
    cleanroom (1.0.0)
    diff-lcs (1.4.4)
    diffy (3.1.0)
    erubis (2.7.0)
    faraday (1.0.0)
      multipart-post (>= 1.2, < 3)
    ffi (1.14.2)
    ffi-yajl (2.3.4)
      libyajl2 (~> 1.2)
    fuzzyurl (0.9.0)
    hashie (3.4.6)
    highline (1.7.10)
    hitimes (2.0.0)
    httpclient (2.8.2.4)
    inifile (3.0.0)
    iniparse (1.5.0)
    ipaddress (0.8.3)
    jmespath (1.4.0)
    json (2.5.1)
    libyajl2 (1.2.0)
    minitar (0.9)
    mixlib-archive (0.2.0)
      mixlib-log
    mixlib-authentication (1.4.2)
    mixlib-cli (1.7.0)
    mixlib-config (2.2.18)
      tomlrb
    mixlib-log (1.7.1)
    mixlib-shellout (2.4.4)
    molinillo (0.5.7)
    multi_json (1.15.0)
    multipart-post (2.1.1)
    net-scp (3.0.0)
      net-ssh (>= 2.6.5, < 7.0.0)
    net-sftp (2.1.2)
      net-ssh (>= 2.6.5)
    net-ssh (3.0.2)
    net-ssh-gateway (1.3.0)
      net-ssh (>= 2.6.5)
    net-ssh-multi (1.2.1)
      net-ssh (>= 2.6.5)
      net-ssh-gateway (>= 1.2.0)
    net-telnet (0.1.1)
    nio4r (2.5.5)
    ohai (8.26.1)
      chef-config (>= 12.5.0.alpha.1, < 14)
      ffi (~> 1.9)
      ffi-yajl (~> 2.2)
      ipaddress
      mixlib-cli
      mixlib-config (~> 2.0)
      mixlib-log (>= 1.7.1, < 2.0)
      mixlib-shellout (~> 2.0)
      plist (~> 3.1)
      systemu (~> 2.6.4)
      wmi-lite (~> 1.0)
    parser (2.4.0.0)
      ast (~> 2.2)
    plist (3.6.0)
    powerpack (0.1.1)
    proxifier (1.0.3)
    public_suffix (2.0.5)
    rack (2.2.3)
    rainbow (2.2.2)
      rake
    rake (12.0.0)
    retryable (2.0.4)
    rspec (3.10.0)
      rspec-core (~> 3.10.0)
      rspec-expectations (~> 3.10.0)
      rspec-mocks (~> 3.10.0)
    rspec-core (3.10.1)
      rspec-support (~> 3.10.0)
    rspec-expectations (3.10.1)
      diff-lcs (>= 1.2.0, < 2.0)
      rspec-support (~> 3.10.0)
    rspec-its (1.3.0)
      rspec-core (>= 3.0.0)
      rspec-expectations (>= 3.0.0)
    rspec-mocks (3.10.2)
      diff-lcs (>= 1.2.0, < 2.0)
      rspec-support (~> 3.10.0)
    rspec-support (3.10.2)
    rspec_junit_formatter (0.2.3)
      builder (< 4)
      rspec-core (>= 2, < 4, != 2.12.0)
    rubocop (0.37.2)
      parser (>= 2.3.0.4, < 3.0)
      powerpack (~> 0.1)
      rainbow (>= 1.99.1, < 3.0)
      ruby-progressbar (~> 1.7)
      unicode-display_width (~> 0.3)
    ruby-progressbar (1.8.1)
    sawyer (0.8.2)
      addressable (>= 2.3.5)
      faraday (> 0.8, < 2.0)
    semverse (2.0.0)
    serverspec (2.41.5)
      multi_json
      rspec (~> 3.0)
      rspec-its
      specinfra (~> 2.72)
    sfl (2.3)
    solve (3.1.1)
      molinillo (>= 0.5)
      semverse (>= 1.1, < 3.0)
    specinfra (2.82.23)
      net-scp
      net-ssh (>= 2.7)
      net-telnet (= 0.1.1)
      sfl
    syslog-logger (1.6.8)
    systemu (2.6.5)
    thor (0.19.1)
    timers (4.0.4)
      hitimes
    tomlrb (2.0.1)
    trollop (2.9.10)
    trollop-subcommands (0.1.0)
      trollop (~> 2.1)
    unicode-display_width (0.3.1)
    uuidtools (2.1.5)
    varia_model (0.6.0)
      buff-extensions (~> 2.0)
      hashie (>= 2.0.2, < 4.0.0)
    wmi-lite (1.0.5)

PLATFORMS
  ruby

DEPENDENCIES
  awesome_print
  berkshelf!
  bundler (~> 1.11)
  byebug
  faraday-http-cache!
  octokit!
  opzworks!
  rake
  ridley!
  rubocop (~> 0.37)

BUNDLED WITH
   1.17.3
